GEM
  remote: https://rubygems.org/
  specs:
    coderay (1.0.9)
    diff-lcs (1.2.4)
    metaclass (0.0.1)
    method_source (0.8.2)
    mime-types (1.24)
    mocha (0.14.0)
      metaclass (~> 0.0.1)
    posix-spawn (0.3.6)
    pry (0.9.12.2)
      coderay (~> 1.0.5)
      method_source (~> 0.8)
      slop (~> 3.4)
    rake (10.1.0)
    slop (3.4.6)

PLATFORMS
  ruby

DEPENDENCIES
  diff-lcs
  mime-types
  mocha
  posix-spawn
  pry
  rake
